GEM
  remote: https://rubygems.org/
  specs:
    rb-fsevent (0.10.4)

PLATFORMS
  ruby

DEPENDENCIES
  rb-fsevent
